GIT
  remote: git://github.com/siphomsiza/rhoconnect-5.5.2.git
  revision: 5ef8409aca47cb3269fa3a909dc466aeb52e72bc
  specs:
    rhoconnect (5.5.2)
      bundler (~> 1.0)
      connection_pool (~> 1.2.0)
      json (~> 1.8)
      rack (~> 1.5.2)
      rake (~> 10.4.0)
      redis (>= 3.0.1)
      resque (>= 1.22.0)
      rest-client (~> 1.6.1)
      rubyzip (~> 1.1)
      sinatra (~> 1.4)
      thor (~> 0.18.0)

GEM
  remote: https://rubygems.org/
  specs:
    CFPropertyList (2.2.8)
    coderay (1.1.2)
    connection_pool (1.2.0)
    daemons (1.3.1)
    diff-lcs (1.3)
    eventmachine (1.2.7)
    extlib (0.9.16)
    ffi (1.11.1)
    highline (2.0.2)
    json (1.8.6)
    listen (3.0.6)
      rb-fsevent (>= 0.9.3)
      rb-inotify (>= 0.9.7)
    macaddr (1.7.1)
      systemu (~> 2.6.2)
    method_source (0.9.2)
    mime-types (1.25.1)
    mono_logger (1.1.0)
    multi_json (1.13.1)
    pry (0.12.2)
      coderay (~> 1.1.0)
      method_source (~> 0.9.0)
    rack (1.5.5)
    rack-protection (1.5.5)
      rack
    rake (10.4.2)
    rb-fsevent (0.10.3)
    rb-inotify (0.10.0)
      ffi (~> 1.0)
    rdoc (6.1.1)
    redis (4.1.1)
    redis-namespace (1.6.0)
      redis (>= 3.0.4)
    resque (1.27.4)
      mono_logger (~> 1.0)
      multi_json (~> 1.0)
      redis-namespace (~> 1.3)
      sinatra (>= 0.9.2)
      vegas (~> 0.1.2)
    rest-client (1.6.8)
      mime-types (~> 1.16)
      rdoc (>= 2.4.2)
    rhoconnect-client (5.5.2)
    rhodes (5.5.2)
      CFPropertyList (= 2.2.8)
      diff-lcs (>= 1.1.2)
      json (>= 1.8.1)
      listen (= 3.0.6)
      rake (>= 0.9.2)
      rest-client (= 1.6.8)
      rubyzip (>= 1.1.7)
      simctl (= 1.5.6)
      systemu (= 2.6.4)
      templater (= 1.0.0)
      uuid (= 2.3.7)
    rubyzip (1.2.3)
    simctl (1.5.6)
      CFPropertyList
    sinatra (1.4.8)
      rack (~> 1.5)
      rack-protection (~> 1.4)
      tilt (>= 1.3, < 3)
    systemu (2.6.4)
    templater (1.0.0)
      diff-lcs (>= 1.1.2)
      extlib (>= 0.9.5)
      highline (>= 1.4.0)
    thin (1.7.2)
      daemons (~> 1.0, >= 1.0.9)
      eventmachine (~> 1.0, >= 1.0.4)
      rack (>= 1, < 3)
    thor (0.18.1)
    tilt (2.0.9)
    uuid (2.3.7)
      macaddr (~> 1.0)
    vegas (0.1.11)
      rack (>= 1.0.0)

PLATFORMS
  ruby

DEPENDENCIES
  pry
  rhoconnect!
  rhoconnect-client (= 5.5.2)
  rhodes (= 5.5.2)
  thin

RUBY VERSION
   ruby 2.2.5p319

BUNDLED WITH
   1.17.3
